GIT
  remote: https://github.com/bkuhlmann/xdg
  revision: dfe4d153d962be7f95022b7da9d14ffe3b04af5d
  specs:
    xdg (3.0.0)

GEM
  remote: https://rubygems.org/
  specs:
    commander-openflighthpc (1.1.0)
      highline (~> 1.7.2)
      paint (~> 2.1.0)
    equatable (0.5.0)
    ffi (1.11.1)
    highline (1.7.10)
    hpricot (0.8.6)
    mustache (1.1.0)
    necromancer (0.4.0)
    paint (2.1.0)
    pastel (0.7.2)
      equatable (~> 0.5.0)
      tty-color (~> 0.4.0)
    rdiscount (2.2.0.1)
    ronn (0.7.3)
      hpricot (>= 0.8.2)
      mustache (>= 0.7.0)
      rdiscount (>= 1.5.8)
    strings (0.1.8)
      strings-ansi (~> 0.1)
      unicode-display_width (~> 1.5)
      unicode_utils (~> 1.4)
    strings-ansi (0.2.0)
    sys-proctable (1.2.1)
      ffi
    timers (4.3.0)
    tty-color (0.4.3)
    tty-config (0.3.1)
    tty-cursor (0.6.1)
    tty-prompt (0.18.1)
      necromancer (~> 0.4.0)
      pastel (~> 0.7.0)
      timers (~> 4.0)
      tty-cursor (~> 0.6.0)
      tty-reader (~> 0.5.0)
    tty-reader (0.5.0)
      tty-cursor (~> 0.6.0)
      tty-screen (~> 0.6.4)
      wisper (~> 2.0.0)
    tty-screen (0.6.5)
    tty-table (0.10.0)
      equatable (~> 0.5.0)
      necromancer (~> 0.4.0)
      pastel (~> 0.7.2)
      strings (~> 0.1.0)
      tty-screen (~> 0.6.4)
    unicode-display_width (1.6.0)
    unicode_utils (1.4.0)
    whirly (0.2.6)
      unicode-display_width (~> 1.1)
    wisper (2.0.0)

PLATFORMS
  ruby

DEPENDENCIES
  commander-openflighthpc (~> 1.1.0)
  ronn
  sys-proctable
  tty-config
  tty-prompt
  tty-table
  whirly
  xdg!

BUNDLED WITH
   2.1.4
